GEM
  remote: https://rubygems.org/
  specs:
    backports (3.16.1)
    builder (3.2.4)
    chunky_png (1.3.11)
    cucumber (4.0.0.rc.3)
      builder (~> 3.2, >= 3.2.3)
      cucumber-core (~> 5.0, >= 5.0.0)
      cucumber-expressions (~> 8.0, >= 8.0.2)
      cucumber-wire (~> 1.1, >= 1.1.0)
      diff-lcs (~> 1.3, >= 1.3)
      gherkin (~> 8.1, >= 8.1.1)
      multi_json (~> 1.13, >= 1.13.1)
      multi_test (~> 0.1, >= 0.1.2)
    cucumber-core (5.0.2)
      backports (~> 3.15, >= 3.15.0)
      cucumber-tag_expressions (~> 2.0, >= 2.0.2)
      gherkin (~> 8.1, >= 8.1.1)
    cucumber-expressions (8.3.0)
    cucumber-messages (6.0.2)
      google-protobuf (>= 3.2, <= 3.8)
    cucumber-tag_expressions (2.0.2)
    cucumber-wire (1.1.0)
      cucumber-core (~> 5.0, >= 5.0.0)
      cucumber-expressions (~> 8.0, >= 8.0.2)
    diff-lcs (1.3)
    gherkin (8.1.1)
      cucumber-messages (~> 6.0, >= 6.0.2)
    google-protobuf (3.8.0)
    multi_json (1.14.1)
    multi_test (0.1.2)
    rspec (3.9.0)
      rspec-core (~> 3.9.0)
      rspec-expectations (~> 3.9.0)
      rspec-mocks (~> 3.9.0)
    rspec-core (3.9.1)
      rspec-support (~> 3.9.1)
    rspec-expectations (3.9.0)
      diff-lcs (>= 1.2.0, < 2.0)
      rspec-support (~> 3.9.0)
    rspec-mocks (3.9.1)
      diff-lcs (>= 1.2.0, < 2.0)
      rspec-support (~> 3.9.0)
    rspec-support (3.9.2)

PLATFORMS
  ruby

DEPENDENCIES
  chunky_png!
  cucumber (= 4.0.0.rc.3)!
  gherkin (~> 8.1, = 8.1.1)!
  rspec!

BUNDLED WITH
   2.1.4
